GEM
  remote: https://rubygems.org/
  specs:
    coderay (1.1.2)
    ffi (1.10.0-java)
    jdbc (0.1.1-java)
    jdbc-mysql (5.1.47)
    jdbc-postgres (42.1.4)
    method_source (0.9.2)
    msgpack (1.2.7)
    msgpack (1.2.7-java)
    mysql2 (0.5.2)
    pg (1.1.4)
    pry (0.12.2)
      coderay (~> 1.1.0)
      method_source (~> 0.9.0)
    pry (0.12.2-java)
      coderay (~> 1.1.0)
      method_source (~> 0.9.0)
      spoon (~> 0.0)
    redis (4.1.0)
    sequel (5.18.0)
    spoon (0.0.6)
      ffi
    tarantool16 (0.1.1)
      msgpack (>= 0.5.11)

PLATFORMS
  java
  ruby

DEPENDENCIES
  jdbc
  jdbc-mysql
  jdbc-postgres
  mysql2
  pg
  pry
  redis
  sequel
  tarantool16

BUNDLED WITH
   2.0.1
